GEM
  remote: https://rubygems.org/
  specs:
    daemons (1.1.9)
    eventmachine (1.0.0)
    eventmachine (1.0.0-x86-mingw32)
    mime-types (1.19)
    rack (1.4.1)
    rack-protection (1.2.0)
      rack
    rest-client (1.6.7)
      mime-types (>= 1.16)
    sinatra (1.3.2)
      rack (~> 1.3, >= 1.3.6)
      rack-protection (~> 1.2)
      tilt (~> 1.3, >= 1.3.3)
    thin (1.5.0)
      daemons (>= 1.0.9)
      eventmachine (>= 0.12.6)
      rack (>= 1.0.0)
    tilt (1.3.3)

PLATFORMS
  ruby
  x86-mingw32

DEPENDENCIES
  rest-client
  sinatra
  thin
